GEM
  remote: http://rubygems.org/
  specs:
    RedCloth (4.2.9)
    RedCloth (4.2.9-x86-mingw32)
    daemons (1.0.10)
    erubis (2.7.0)
    gem_plugin (0.2.3)
    itextomml (1.4.10)
    json (1.7.3)
    mongrel (1.2.0.pre2)
      daemons (~> 1.0.10)
      gem_plugin (~> 0.2.3)
    mongrel (1.2.0.pre2-x86-mingw32)
      gem_plugin (~> 0.2.3)
    nokogiri (1.5.5)
    nokogiri (1.5.5-x86-mingw32)
    rack (2.1.4)
    rake (0.9.2.2)
    rdoc (3.12)
      json (~> 1.4)
    rubyzip (0.9.9)
    sqlite3 (1.3.6)
    sqlite3 (1.3.6-x86-mingw32)
    sqlite3-ruby (1.3.3)
      sqlite3 (>= 1.3.3)

PLATFORMS
  ruby
  x86-mingw32

DEPENDENCIES
  RedCloth (>= 4.0.0)
  erubis
  itextomml (>= 1.4.7)
  json
  mongrel (>= 1.2.0.pre2)
  nokogiri
  rack (>= 1.1.0)
  rake
  rdoc
  rubyzip
  sqlite3-ruby
